GEM
  remote: https://rubygems.org/
  specs:
    git (1.2.9.1)
    minitest (5.7.0)

PLATFORMS
  ruby

DEPENDENCIES
  git (~> 1.2)
  minitest (~> 5.7)
