GEM
  remote: https://rubygems.org/
  specs:
    childprocess (0.5.6)
      ffi (~> 1.0, >= 1.0.11)
    ffi (1.15.1)
    git (1.2.9.1)
    iniparse (1.4.0)
    minitest (5.7.0)
    overcommit (0.26.0)
      childprocess (~> 0.5.6)
      iniparse (~> 1.4)
    rake (10.4.2)

PLATFORMS
  ruby

DEPENDENCIES
  git (~> 1.2)
  minitest (~> 5.7)
  overcommit (~> 0.26)
  rake (~> 10.4)

BUNDLED WITH
   1.10.5
