PATH
  remote: .
  specs:
    discretion (0.1.0)
      git (~> 1.2)
      overcommit (~> 0.26)

GEM
  remote: https://rubygems.org/
  specs:
    childprocess (0.5.6)
      ffi (~> 1.0, >= 1.0.11)
    coderay (1.1.0)
    ffi (1.9.10)
    git (1.2.9.1)
    iniparse (1.4.0)
    method_source (0.8.2)
    minitest (5.7.0)
    overcommit (0.26.0)
      childprocess (~> 0.5.6)
      iniparse (~> 1.4)
    pry (0.10.1)
      coderay (~> 1.1.0)
      method_source (~> 0.8.1)
      slop (~> 3.4)
    rake (10.4.2)
    slop (3.6.0)

PLATFORMS
  ruby

DEPENDENCIES
  bundler (~> 1.10)
  discretion!
  minitest
  pry
  rake (~> 10.0)

BUNDLED WITH
   1.10.5
